PATH
  remote: .
  specs:
    hubspot-api-client (9.5.0)
      json (~> 1.6, >= 1.6.7)
      require_all (~> 3.0.0)
      typhoeus (~> 1.4.0)

GEM
  remote: https://rubygems.org/
  specs:
    ZenTest (4.12.0)
    addressable (2.7.0)
      public_suffix (>= 2.0.2, < 5.0)
    autotest (4.4.6)
      ZenTest (>= 4.4.1)
    autotest-growl (0.2.16)
    autotest-rails-pure (4.1.2)
    crack (0.4.4)
    diff-lcs (1.4.4)
    ethon (0.12.0)
      ffi (>= 1.3.0)
    ffi (1.15.0)
    hashdiff (1.0.1)
    json (1.8.6)
    public_suffix (4.0.6)
    rake (12.3.3)
    rake-release (1.2.1)
      bundler (>= 1.11, < 3)
    require_all (3.0.0)
    rspec (3.10.0)
      rspec-core (~> 3.10.0)
      rspec-expectations (~> 3.10.0)
      rspec-mocks (~> 3.10.0)
    rspec-core (3.10.0)
      rspec-support (~> 3.10.0)
    rspec-expectations (3.10.0)
      diff-lcs (>= 1.2.0, < 2.0)
      rspec-support (~> 3.10.0)
    rspec-mocks (3.10.0)
      diff-lcs (>= 1.2.0, < 2.0)
      rspec-support (~> 3.10.0)
    rspec-support (3.10.0)
    typhoeus (1.4.0)
      ethon (>= 0.9.0)
    vcr (3.0.3)
    webmock (1.24.6)
      addressable (>= 2.3.6)
      crack (>= 0.3.2)
      hashdiff

PLATFORMS
  ruby

DEPENDENCIES
  autotest (~> 4.4, >= 4.4.6)
  autotest-growl (~> 0.2, >= 0.2.16)
  autotest-rails-pure (~> 4.1, >= 4.1.2)
  hubspot-api-client!
  rake (~> 12.3.3)
  rake-release
  rspec (~> 3.6, >= 3.6.0)
  vcr (~> 3.0, >= 3.0.1)
  webmock (~> 1.24, >= 1.24.3)

BUNDLED WITH
   2.1.4
